GEM
  remote: https://rubygems.org/
  specs:
    docile (1.1.3)
    multi_json (1.9.2)
    rubyzip (1.1.2)
    simplecov (0.8.2)
      docile (~> 1.1.0)
      multi_json
      simplecov-html (~> 0.8.0)
    simplecov-html (0.8.0)

PLATFORMS
  x64-mingw32

DEPENDENCIES
  rubyzip
  simplecov
